PATH
  remote: .
  specs:
    tipi (0.38)
      http-2 (~> 0.10.0)
      http_parser.rb (~> 0.6.0)
      msgpack (~> 1.4.2)
      polyphony (~> 0.52.0)
      qeweney (~> 0.8.4)
      rack (>= 2.0.8, < 2.3.0)
      websocket (~> 1.2.8)

GEM
  remote: https://rubygems.org/
  specs:
    ansi (1.5.0)
    builder (3.2.4)
    docile (1.3.2)
    escape_utils (1.2.1)
    http-2 (0.10.2)
    http_parser.rb (0.6.0)
    json (2.3.1)
    localhost (1.1.4)
    minitest (5.11.3)
    minitest-reporters (1.4.2)
      ansi
      builder
      minitest (>= 5.0)
      ruby-progressbar
    msgpack (1.4.2)
    polyphony (0.52.0)
    qeweney (0.8.4)
      escape_utils (~> 1.2.1)
    rack (2.2.3)
    rake (12.3.3)
    ruby-progressbar (1.10.1)
    simplecov (0.17.1)
      docile (~> 1.1)
      json (>= 1.8, < 3)
      simplecov-html (~> 0.10.0)
    simplecov-html (0.10.2)
    websocket (1.2.9)

PLATFORMS
  ruby

DEPENDENCIES
  localhost (~> 1.1.4)
  minitest (~> 5.11.3)
  minitest-reporters (~> 1.4.2)
  rake (~> 12.3.3)
  simplecov (~> 0.17.1)
  tipi!

BUNDLED WITH
   2.1.4
