PATH
  remote: .
  specs:
    tipi (0.39)
      acme-client (~> 2.0.8)
      http-2 (~> 0.10.0)
      http_parser.rb (~> 0.6.0)
      msgpack (~> 1.4.2)
      polyphony (~> 0.57.0)
      qeweney (~> 0.9.1)
      rack (>= 2.0.8, < 2.3.0)
      websocket (~> 1.2.8)

GEM
  remote: https://rubygems.org/
  specs:
    acme-client (2.0.8)
      faraday (>= 0.17, < 2.0.0)
    ansi (1.5.0)
    builder (3.2.4)
    docile (1.3.2)
    escape_utils (1.2.1)
    faraday (1.4.2)
      faraday-em_http (~> 1.0)
      faraday-em_synchrony (~> 1.0)
      faraday-excon (~> 1.1)
      faraday-net_http (~> 1.0)
      faraday-net_http_persistent (~> 1.1)
      multipart-post (>= 1.2, < 3)
      ruby2_keywords (>= 0.0.4)
    faraday-em_http (1.0.0)
    faraday-em_synchrony (1.0.0)
    faraday-excon (1.1.0)
    faraday-net_http (1.0.1)
    faraday-net_http_persistent (1.1.0)
    http-2 (0.10.2)
    http_parser.rb (0.6.0)
    json (2.3.1)
    localhost (1.1.4)
    minitest (5.11.3)
    minitest-reporters (1.4.2)
      ansi
      builder
      minitest (>= 5.0)
      ruby-progressbar
    msgpack (1.4.2)
    multipart-post (2.1.1)
    polyphony (0.57.0)
    qeweney (0.9.1)
      escape_utils (~> 1.2.1)
    rack (2.2.3)
    rake (12.3.3)
    ruby-progressbar (1.10.1)
    ruby2_keywords (0.0.4)
    simplecov (0.17.1)
      docile (~> 1.1)
      json (>= 1.8, < 3)
      simplecov-html (~> 0.10.0)
    simplecov-html (0.10.2)
    websocket (1.2.9)

PLATFORMS
  ruby

DEPENDENCIES
  localhost (~> 1.1.4)
  minitest (~> 5.11.3)
  minitest-reporters (~> 1.4.2)
  rake (~> 12.3.3)
  simplecov (~> 0.17.1)
  tipi!

BUNDLED WITH
   2.1.4
